FRAMEWORK: >= NET45
NUGET
  remote: https://nuget.org/api/v2
  specs:
    Basis.Core (1.1.3)
    FsCheck (2.2.3)
      FSharp.Core (>= 3.1.2.5)
    FSharp.Core (4.0.0.1)
    FsRandom (1.3.3)
    FsUnit (1.4.0)
      FSharp.Core (>= 3.1.2.5)
      NUnit (2.6.4)
    MSBuild.Extension.Pack (1.8.0)
    NUnit (2.6.4)
